GEM
  remote: https://rubygems.org/
  specs:
    awesome_print (1.0.2)
    coderay (1.0.5)
    diff-lcs (1.1.3)
    method_source (0.7.0)
    pry (0.9.8.1)
      coderay (~> 1.0.5)
      method_source (~> 0.7)
      slop (>= 2.4.3, < 3)
    rake (0.9.2.2)
    rspec (2.8.0)
      rspec-core (~> 2.8.0)
      rspec-expectations (~> 2.8.0)
      rspec-mocks (~> 2.8.0)
    rspec-core (2.8.0)
    rspec-expectations (2.8.0)
      diff-lcs (~> 1.1.2)
    rspec-mocks (2.8.0)
    ruby-graphviz (1.0.4)
    slop (2.4.3)
    state_machine (1.1.2)

PLATFORMS
  ruby

DEPENDENCIES
  awesome_print
  pry
  rake
  rspec
  ruby-graphviz
  state_machine
