GEM
  remote: https://rubygems.org/
  specs:
    awesome_print (1.0.2)
    diff-lcs (1.1.3)
    rake (0.9.2.2)
    rspec (2.8.0)
      rspec-core (~> 2.8.0)
      rspec-expectations (~> 2.8.0)
      rspec-mocks (~> 2.8.0)
    rspec-core (2.8.0)
    rspec-expectations (2.8.0)
      diff-lcs (~> 1.1.2)
    rspec-mocks (2.8.0)
    ruby-graphviz (1.0.4)
    state_machine (1.1.2)

PLATFORMS
  ruby

DEPENDENCIES
  awesome_print
  rake
  rspec
  ruby-graphviz
  state_machine
